PATH
  remote: .
  specs:
    gala (0.3.2)
      openssl (~> 2.0)

GEM
  remote: https://rubygems.org/
  specs:
    minitest (5.11.3)
    openssl (2.1.0)
    rake (13.0.3)

PLATFORMS
  ruby

DEPENDENCIES
  bundler (~> 1.14)
  gala!
  minitest
  rake (~> 13.0)

BUNDLED WITH
   1.16.1
